GEM
  specs:
    concurrent-ruby (1.1.10)
    faker (3.4.2)
      i18n (>= 1.8.11, < 2)
    i18n (1.12.0)
      concurrent-ruby (~> 1.0)

PLATFORMS
  x86_64-linux

DEPENDENCIES
  faker

BUNDLED WITH
   2.2.26
